GEM
  remote: http://rubygems.org/
  specs:
    ffi (1.1.5)
    json (1.6.6)
    mime-types (1.19)
    typhoeus (0.4.2)
      ffi (~> 1.0)
      mime-types (~> 1.18)

PLATFORMS
  ruby

DEPENDENCIES
  json
  typhoeus
