GEM
  remote: http://rubygems.org/
  specs:
    bzip2-ruby (0.2.7)
    ffi (1.1.5)
    json (1.6.6)
    mime-types (1.19)
    multi_json (1.3.6)
    multi_xml (0.5.1)
    steam-condenser (1.2.1)
      bzip2-ruby (~> 0.2.7)
      multi_json (~> 1.3.1)
      multi_xml (~> 0.5.1)
    typhoeus (0.4.2)
      ffi (~> 1.0)
      mime-types (~> 1.18)

PLATFORMS
  ruby

DEPENDENCIES
  json
  steam-condenser
  typhoeus
